GEM
  remote: http://rubygems.org/
  specs:
    activesupport (3.2.8)
      i18n (~> 0.6)
      multi_json (~> 1.0)
    bson (1.7.0)
    facets (2.9.3)
    git (1.2.5)
    hashery (2.0.1)
    i18n (0.6.1)
    jeweler (1.8.4)
      bundler (~> 1.0)
      git (>= 1.2.5)
      rake
      rdoc
    json (1.7.5)
    mongo (1.7.0)
      bson (~> 1.7.0)
    mongo_ext (0.19.3)
    multi_json (1.3.6)
    namespaces (0.0.3)
    nokogiri (1.5.5)
    rake (0.9.2.2)
    rdoc (3.12)
      json (~> 1.4)
    rr (1.0.4)
    shoulda (3.3.2)
      shoulda-context (~> 1.0.1)
      shoulda-matchers (~> 1.4.1)
    shoulda-context (1.0.1)
    shoulda-matchers (1.4.1)
      activesupport (>= 3.0.0)
    tagged_logger (0.5.6)
      hashery

PLATFORMS
  ruby

DEPENDENCIES
  facets
  jeweler
  mongo
  mongo_ext
  namespaces
  nokogiri
  rr
  shoulda
  tagged_logger
